PATH
  remote: .
  specs:
    guilded (1.0.14)

GEM
  remote: http://rubygems.org/
  specs:
    columnize (0.3.4)
    diff-lcs (1.1.3)
    gem-dandy (0.2.1)
      trollop (= 1.16.2)
    git (1.2.5)
    growl (1.0.3)
    guard (0.8.2)
      thor (~> 0.14.6)
    guard-rspec (0.4.5)
      guard (>= 0.4.0)
    guard-shell (0.1.1)
      guard (>= 0.2.0)
    jeweler (1.6.4)
      bundler (~> 1.0)
      git (>= 1.2.5)
      rake
    linecache (0.46)
      rbx-require-relative (> 0.0.4)
    rake (0.9.2)
    rb-fsevent (0.4.3.1)
    rbx-require-relative (0.0.5)
    rspec (2.6.0)
      rspec-core (~> 2.6.0)
      rspec-expectations (~> 2.6.0)
      rspec-mocks (~> 2.6.0)
    rspec-core (2.6.4)
    rspec-expectations (2.6.0)
      diff-lcs (~> 1.1.2)
    rspec-mocks (2.6.0)
    ruby-debug (0.10.4)
      columnize (>= 0.1)
      ruby-debug-base (~> 0.10.4.0)
    ruby-debug-base (0.10.4)
      linecache (>= 0.3)
    shoulda (2.11.3)
    thor (0.14.6)
    trollop (1.16.2)

PLATFORMS
  ruby

DEPENDENCIES
  gem-dandy
  growl
  guard
  guard-rspec
  guard-shell
  guilded!
  jeweler
  rb-fsevent
  rspec
  ruby-debug
  shoulda
